GEM
  remote: https://rubygems.org/
  specs:
    addressable (2.5.0)
      public_suffix (~> 2.0, >= 2.0.2)
    algoliasearch (1.12.6)
      httpclient (~> 2.8.3)
      json (>= 1.5.1)
    classifier-reborn (2.1.0)
      fast-stemmer (~> 1.0)
    colorator (1.1.0)
    concurrent-ruby (1.0.4)
    execjs (2.7.0)
    extras (0.1.0)
      forwardable-extended (~> 2.5)
    fast-stemmer (1.0.2)
    fastimage (2.0.1)
      addressable (~> 2)
    ffi (1.9.17)
    flickraw (0.9.9)
    forwardable-extended (2.6.0)
    gsl (2.1.0.1)
    httpclient (2.8.3)
    i18n (0.7.0)
    jekyll (3.4.0)
      addressable (~> 2.4)
      colorator (~> 1.0)
      jekyll-sass-converter (~> 1.0)
      jekyll-watch (~> 1.1)
      kramdown (~> 1.3)
      liquid (~> 3.0)
      mercenary (~> 0.3.3)
      pathutil (~> 0.9)
      rouge (~> 1.7)
      safe_yaml (~> 1.0)
    jekyll-assets (2.2.8)
      extras (~> 0.1)
      fastimage (~> 2.0, >= 1.8)
      jekyll (~> 3.1, >= 3.0)
      pathutil (>= 0.8)
      rack (> 1, < 2)
      sprockets (~> 3.3, < 3.7)
    jekyll-paginate (1.1.0)
    jekyll-sass-converter (1.5.0)
      sass (~> 3.4)
    jekyll-sitemap (1.0.0)
      jekyll (~> 3.3)
    jekyll-watch (1.5.0)
      listen (~> 3.0, < 3.1)
    json (2.0.3)
    kramdown (1.13.2)
    liquid (3.0.6)
    listen (3.0.8)
      rb-fsevent (~> 0.9, >= 0.9.4)
      rb-inotify (~> 0.9, >= 0.9.7)
    loofah (2.0.3)
      nokogiri (>= 1.5.9)
    mercenary (0.3.6)
    mini_portile2 (2.1.0)
    nokogiri (1.7.0.1)
      mini_portile2 (~> 2.1.0)
    pathutil (0.14.0)
      forwardable-extended (~> 2.6)
    public_suffix (2.0.5)
    rack (1.6.5)
    rails-html-sanitizer (1.0.3)
      loofah (~> 2.0)
    rb-fsevent (0.9.4)
    rb-inotify (0.9.8)
      ffi (>= 0.5.0)
    redcarpet (3.4.0)
    rouge (1.11.1)
    safe_yaml (1.0.4)
    sass (3.4.23)
    sprockets (3.6.3)
      concurrent-ruby (~> 1.0)
      rack (> 1, < 3)
    uglifier (3.0.4)
      execjs (>= 0.3.0, < 3)

PLATFORMS
  ruby

DEPENDENCIES
  algoliasearch (~> 1.10)
  classifier-reborn (~> 2.0)
  flickraw (~> 0.9.9)
  gsl (~> 2.1, >= 2.1.0.1)
  i18n (~> 0.7.0)
  jekyll
  jekyll-assets
  jekyll-paginate
  jekyll-sitemap
  rails-html-sanitizer (~> 1.0)
  rb-fsevent (<= 0.9.4)
  redcarpet (~> 3.4)
  uglifier

BUNDLED WITH
   1.13.7
